GEM
  remote: https://rubygems.org/
  specs:
    hashie (3.3.2)
    httparty (0.13.3)
      json (~> 1.8)
      multi_xml (>= 0.5.2)
    json (1.8.1)
    multi_xml (0.5.5)

PLATFORMS
  ruby

DEPENDENCIES
  hashie (~> 3.3)
  httparty (~> 0.13)
  json (~> 1.8)
